GEM
  remote: https://rubygems.org/
  specs:
    aws-eventstream (1.2.0)
    aws-partitions (1.566.0)
    aws-sdk-core (3.130.0)
      aws-eventstream (~> 1, >= 1.0.2)
      aws-partitions (~> 1, >= 1.525.0)
      aws-sigv4 (~> 1.1)
      jmespath (~> 1.0)
    aws-sdk-eventbridge (1.37.0)
      aws-sdk-core (~> 3, >= 3.127.0)
      aws-sigv4 (~> 1.1)
    aws-sdk-secretsmanager (1.59.0)
      aws-sdk-core (~> 3, >= 3.127.0)
      aws-sigv4 (~> 1.1)
    aws-sigv4 (1.4.0)
      aws-eventstream (~> 1, >= 1.0.2)
    jmespath (1.6.1)
    yake (0.8.0)

PLATFORMS
  arm64-darwin-22
  x86_64-darwin-20
  x86_64-darwin-21

DEPENDENCIES
  aws-sdk-eventbridge (~> 1.0)
  aws-sdk-secretsmanager (~> 1.0)
  yake (~> 0.8)

BUNDLED WITH
   2.3.25
