GEM
  remote: https://rubygems.org/
  specs:
    aws-eventstream (1.3.1)
    aws-partitions (1.1058.0)
    aws-sdk-core (3.219.0)
      aws-eventstream (~> 1, >= 1.3.0)
      aws-partitions (~> 1, >= 1.992.0)
      aws-sigv4 (~> 1.9)
      base64
      jmespath (~> 1, >= 1.6.1)
    aws-sdk-ssm (1.191.0)
      aws-sdk-core (~> 3, >= 3.216.0)
      aws-sigv4 (~> 1.5)
    aws-sigv4 (1.11.0)
      aws-eventstream (~> 1, >= 1.0.2)
    base64 (0.2.0)
    jmespath (1.6.2)
    logger (1.6.6)
    ostruct (0.6.1)
    yake (1.2.1)
      logger
      ostruct

PLATFORMS
  ruby

DEPENDENCIES
  aws-sdk-ssm (~> 1.0)
  yake (~> 1.2)

BUNDLED WITH
   2.6.3
