GEM
  remote: https://rubygems.org/
  specs:
    yake (1.0.0)

PLATFORMS
  ruby

DEPENDENCIES
  yake (~> 1.0)

BUNDLED WITH
   2.4.10
