GEM
  remote: https://rubygems.org/
  specs:
    aws-eventstream (1.2.0)
    aws-partitions (1.771.0)
    aws-sdk-core (3.173.1)
      aws-eventstream (~> 1, >= 1.0.2)
      aws-partitions (~> 1, >= 1.651.0)
      aws-sigv4 (~> 1.5)
      jmespath (~> 1, >= 1.6.1)
    aws-sdk-eventbridge (1.43.0)
      aws-sdk-core (~> 3, >= 3.165.0)
      aws-sigv4 (~> 1.1)
    aws-sdk-ssm (1.150.0)
      aws-sdk-core (~> 3, >= 3.165.0)
      aws-sigv4 (~> 1.1)
    aws-sigv4 (1.5.2)
      aws-eventstream (~> 1, >= 1.0.2)
    jmespath (1.6.2)
    yake (1.0.0)

PLATFORMS
  ruby

DEPENDENCIES
  aws-sdk-eventbridge (~> 1.0)
  aws-sdk-ssm (~> 1.0)
  yake (~> 1.0)

BUNDLED WITH
   2.5.11
