GEM
  remote: https://rubygems.org/
  specs:
    aws-eventstream (1.3.0)
    aws-partitions (1.985.0)
    aws-sdk-core (3.209.1)
      aws-eventstream (~> 1, >= 1.3.0)
      aws-partitions (~> 1, >= 1.651.0)
      aws-sigv4 (~> 1.9)
      jmespath (~> 1, >= 1.6.1)
    aws-sdk-ssm (1.182.0)
      aws-sdk-core (~> 3, >= 3.207.0)
      aws-sigv4 (~> 1.5)
    aws-sigv4 (1.10.0)
      aws-eventstream (~> 1, >= 1.0.2)
    jmespath (1.6.2)
    x (0.14.1)
    yake (1.1.0)

PLATFORMS
  ruby

DEPENDENCIES
  aws-sdk-ssm (~> 1.0)
  x (~> 0.14)
  yake (~> 1.0)

BUNDLED WITH
   2.5.20
