GEM
  remote: https://rubygems.org/
  specs:
    aws-eventstream (1.2.0)
    aws-partitions (1.780.0)
    aws-sdk-core (3.175.0)
      aws-eventstream (~> 1, >= 1.0.2)
      aws-partitions (~> 1, >= 1.651.0)
      aws-sigv4 (~> 1.5)
      jmespath (~> 1, >= 1.6.1)
    aws-sdk-ssm (1.152.0)
      aws-sdk-core (~> 3, >= 3.174.0)
      aws-sigv4 (~> 1.1)
    aws-sigv4 (1.5.2)
      aws-eventstream (~> 1, >= 1.0.2)
    hashie (5.0.0)
    jmespath (1.6.2)
    oauth (0.6.2)
      snaky_hash (~> 2.0)
      version_gem (~> 1.1)
    ostruct (0.5.5)
    snaky_hash (2.0.1)
      hashie
      version_gem (~> 1.1, >= 1.1.1)
    twurl (0.9.7)
      oauth (~> 0.4)
      ostruct (>= 0.3.3)
    version_gem (1.1.2)
    yake (1.0.0)

PLATFORMS
  ruby

DEPENDENCIES
  aws-sdk-ssm (~> 1.0)
  twurl (~> 0.9)
  yake (~> 1.0)

BUNDLED WITH
   2.4.13
