GEM
  remote: https://rubygems.org/
  specs:
    logger (1.7.0)
    ostruct (0.6.1)
    yake (1.2.1)
      logger
      ostruct

PLATFORMS
  ruby

DEPENDENCIES
  yake (~> 1.2)

BUNDLED WITH
   2.6.6
