GEM
  remote: https://rubygems.org/
  specs:
    yake (1.0.0)

PLATFORMS
  x86_64-darwin-22

DEPENDENCIES
  yake (~> 1.0)

BUNDLED WITH
   2.4.13
