GEM
  remote: https://rubygems.org/
  specs:
    yake (0.8.0)

PLATFORMS
  ruby
  x86_64-darwin-20

DEPENDENCIES
  yake (~> 0.8)

BUNDLED WITH
   2.3.25
